GEM
  remote: http://rubygems.org/
  specs:
    builder (3.0.0)
    cucumber (1.1.9)
      builder (>= 2.1.2)
      diff-lcs (>= 1.1.2)
      gherkin (~> 2.9.0)
      json (>= 1.4.6)
      term-ansicolor (>= 1.0.6)
    diff-lcs (1.1.3)
    ffi (1.0.11-java)
    ffi-rzmq (0.9.3)
      ffi
    gherkin (2.9.3-java)
      json (>= 1.4.6)
    git (1.2.5)
    jeweler (1.6.4)
      bundler (~> 1.0)
      git (>= 1.2.5)
      rake
    json (1.7.0-java)
    rake (0.9.2.2)
    rcov (0.9.10-java)
    rspec (2.10.0)
      rspec-core (~> 2.10.0)
      rspec-expectations (~> 2.10.0)
      rspec-mocks (~> 2.10.0)
    rspec-core (2.10.0)
    rspec-expectations (2.10.0)
      diff-lcs (~> 1.1.3)
    rspec-mocks (2.10.0)
    term-ansicolor (1.0.7)

PLATFORMS
  java

DEPENDENCIES
  bundler (~> 1.1)
  cucumber
  ffi-rzmq
  jeweler (~> 1.6.4)
  rcov
  rspec
